GEM
  remote: https://rubygems.org/
  specs:
    facebook-messenger (0.11.1)
      httparty (~> 0.13, >= 0.13.7)
      rack (>= 1.6.4)
    httparty (0.14.0)
      multi_xml (>= 0.5.2)
    multi_xml (0.6.0)
    rack (2.0.1)

PLATFORMS
  ruby

DEPENDENCIES
  facebook-messenger (~> 0.11.1)
  rack

BUNDLED WITH
   1.12.5
